GEM
  remote: https://rubygems.org/
  specs:
    coderay (1.1.1)
    colorize (0.8.1)
    coolline (0.5.0)
      unicode_utils (~> 1.4)
    diff-lcs (1.3)
    eventmachine (1.2.0.1)
    facets (3.1.0)
    method_source (0.8.2)
    pry (0.10.4)
      coderay (~> 1.1.0)
      method_source (~> 0.8.1)
      slop (~> 3.4)
    pry-coolline (0.2.5)
      coolline (~> 0.5)
    pry-remote (0.1.8)
      pry (~> 0.9)
      slop (~> 3.0)
    rspec (3.5.0)
      rspec-core (~> 3.5.0)
      rspec-expectations (~> 3.5.0)
      rspec-mocks (~> 3.5.0)
    rspec-core (3.5.4)
      rspec-support (~> 3.5.0)
    rspec-expectations (3.5.0)
      diff-lcs (>= 1.2.0, < 2.0)
      rspec-support (~> 3.5.0)
    rspec-mocks (3.5.0)
      diff-lcs (>= 1.2.0, < 2.0)
      rspec-support (~> 3.5.0)
    rspec-support (3.5.0)
    slop (3.6.0)
    unicode_utils (1.4.0)

PLATFORMS
  ruby

DEPENDENCIES
  colorize
  eventmachine
  facets
  pry
  pry-coolline
  pry-remote
  rspec
  rspec-mocks

BUNDLED WITH
   1.15.3
